GEM
  remote: http://rubygems.org/
  specs:
    RedCloth (4.2.9)
    albino (1.3.3)
      posix-spawn (>= 0.3.6)
    blankslate (3.1.3)
    chunky_png (1.3.1)
    classifier (1.3.4)
      fast-stemmer (>= 1.0.0)
    compass (0.12.7)
      chunky_png (~> 1.2)
      fssm (>= 0.2.7)
      sass (~> 3.2.19)
    directory_watcher (1.5.1)
    fast-stemmer (1.0.2)
    ffi (1.0.11)
    fssm (0.2.10)
    haml (3.1.8)
    jekyll (0.11.0)
      albino (>= 1.3.2)
      classifier (>= 1.3.1)
      directory_watcher (>= 1.1.1)
      kramdown (>= 0.13.2)
      liquid (>= 1.9.0)
      maruku (>= 0.5.9)
    kramdown (1.4.1)
    liquid (2.3.0)
    maruku (0.7.2)
    posix-spawn (0.3.9)
    pygments.rb (0.2.13)
      rubypython (~> 0.5.3)
    rack (1.5.2)
    rack-protection (1.5.3)
      rack
    rack-rewrite (1.5.0)
    rake (10.3.2)
    rb-fsevent (0.9.4)
    rubypants (0.2.0)
    rubypython (0.5.3)
      blankslate (>= 2.1.2.3)
      ffi (~> 1.0.7)
    sass (3.2.19)
    sinatra (1.3.6)
      rack (~> 1.4)
      rack-protection (~> 1.3)
      tilt (~> 1.3, >= 1.3.3)
    stringex (1.4.0)
    tilt (1.4.1)

PLATFORMS
  ruby

DEPENDENCIES
  RedCloth (~> 4.2.9)
  compass (~> 0.12.1)
  haml (~> 3.1.6)
  jekyll
  kramdown
  liquid (~> 2.3.0)
  pygments.rb (~> 0.2.12)
  rack
  rack-rewrite
  rake
  rb-fsevent (~> 0.9)
  rubypants (~> 0.2.0)
  sinatra (~> 1.3.2)
  stringex (~> 1.4.0)
